GEM
  remote: http://rubygems.org/
  specs:
    curb (0.7.15)
    mustache (0.11.2)
    nokogiri (1.4.4)
    rack (1.3.0)
    shotgun (0.9)
      rack (>= 1.0)
    sinatra (1.2.6)
      rack (~> 1.1)
      tilt (>= 1.2.2, < 2.0)
    tilt (1.3.1)
    w3c_validators (1.0.2)
    yajl-ruby (0.7.9)

PLATFORMS
  ruby

DEPENDENCIES
  curb (>= 0.7.8)
  mustache (>= 0.11.2)
  nokogiri (>= 1.4)
  shotgun
  sinatra (>= 1.0)
  w3c_validators (>= 1.0.2)
  yajl-ruby (>= 0.7.8)
